PATH
  remote: .
  specs:
    keyword_ranking (1.0)
      nokogiri (>= 1.4.3.1)

GEM
  remote: http://rubygems.org/
  specs:
    echoe (4.3.1)
      gemcutter
      rubyforge
    gemcutter (0.6.1)
    json_pure (1.4.6)
    nokogiri (1.4.3.1)
    rspec (1.3.0)
    rubyforge (2.0.4)
      json_pure (>= 1.1.7)

PLATFORMS
  ruby

DEPENDENCIES
  bundler (>= 0.9.26)
  echoe
  keyword_ranking!
  nokogiri (>= 1.4.3.1)
  rspec
